PATH
  remote: .
  specs:
    bigquery-ruby (0.1.0)

GEM
  remote: https://rubygems.org/
  specs:
    minitest (5.15.0)
    rake (13.0.6)

PLATFORMS
  x86_64-darwin-17
  x86_64-linux

DEPENDENCIES
  bigquery-ruby!
  minitest (~> 5.0)
  rake (~> 13.0)

BUNDLED WITH
   2.3.12
